GEM
  remote: https://rubygems.org/
  specs:
    coderay (1.1.0)
    daemons (1.1.9)
    diff-lcs (1.2.5)
    event_bus (1.0.0)
    method_source (0.8.2)
    pry (0.9.12.4)
      coderay (~> 1.0)
      method_source (~> 0.8)
      slop (~> 3.4)
    pry-doc (0.5.1)
      pry (>= 0.9)
      yard (>= 0.8)
    rake (10.1.1)
    rspec (2.14.1)
      rspec-core (~> 2.14.0)
      rspec-expectations (~> 2.14.0)
      rspec-mocks (~> 2.14.0)
    rspec-core (2.14.7)
    rspec-expectations (2.14.4)
      diff-lcs (>= 1.1.3, < 2.0)
    rspec-mocks (2.14.4)
    slop (3.4.7)
    yard (0.8.7.3)

PLATFORMS
  ruby

DEPENDENCIES
  daemons
  event_bus
  pry
  pry-doc
  rake
  rspec
  slop
